PATH
  remote: .
  specs:
    kitco (0.0.7)
      httparty (>= 0.7.8)

GEM
  remote: https://rubygems.org/
  specs:
    httparty (0.13.7)
      json (~> 1.8)
      multi_xml (>= 0.5.2)
    json (1.8.1)
    multi_xml (0.5.5)

PLATFORMS
  ruby

DEPENDENCIES
  kitco!

BUNDLED WITH
   1.10.6
